GEM
  remote: https://rubygems.org/
  specs:
    activemodel (7.0.4.2)
      activesupport (= 7.0.4.2)
    activerecord (7.0.4.2)
      activemodel (= 7.0.4.2)
      activesupport (= 7.0.4.2)
    activesupport (7.0.4.2)
      concurrent-ruby (~> 1.0, >= 1.0.2)
      i18n (>= 1.6, < 2)
      minitest (>= 5.1)
      tzinfo (~> 2.0)
    coderay (1.1.3)
    concurrent-ruby (1.2.2)
    database_cleaner (2.0.1)
      database_cleaner-active_record (~> 2.0.0)
    database_cleaner-active_record (2.0.1)
      activerecord (>= 5.a)
      database_cleaner-core (~> 2.0.0)
    database_cleaner-core (2.0.1)
    diff-lcs (1.5.0)
    faker (3.1.1)
      i18n (>= 1.8.11, < 2)
    i18n (1.12.0)
      concurrent-ruby (~> 1.0)
    method_source (1.0.0)
    mini_portile2 (2.8.1)
    minitest (5.17.0)
    mustermann (2.0.2)
      ruby2_keywords (~> 0.0.1)
    pry (0.14.2)
      coderay (~> 1.1)
      method_source (~> 1.0)
    rack (2.2.6.2)
    rack-contrib (2.3.0)
      rack (~> 2.0)
    rack-cors (2.0.0)
      rack (>= 2.0.0)
    rack-protection (2.2.4)
      rack
    rack-test (2.0.2)
      rack (>= 1.3)
    rake (13.0.6)
    require_all (3.0.0)
    rspec (3.12.0)
      rspec-core (~> 3.12.0)
      rspec-expectations (~> 3.12.0)
      rspec-mocks (~> 3.12.0)
    rspec-core (3.12.1)
      rspec-support (~> 3.12.0)
    rspec-expectations (3.12.2)
      diff-lcs (>= 1.2.0, < 2.0)
      rspec-support (~> 3.12.0)
    rspec-json_expectations (2.2.0)
    rspec-mocks (3.12.3)
      diff-lcs (>= 1.2.0, < 2.0)
      rspec-support (~> 3.12.0)
    rspec-support (3.12.0)
    ruby2_keywords (0.0.5)
    sinatra (2.2.4)
      mustermann (~> 2.0)
      rack (~> 2.2)
      rack-protection (= 2.2.4)
      tilt (~> 2.0)
    sinatra-activerecord (2.0.26)
      activerecord (>= 4.1)
      sinatra (>= 1.0)
    sqlite3 (1.6.1)
      mini_portile2 (~> 2.8.0)
    tilt (2.1.0)
    tzinfo (2.0.6)
      concurrent-ruby (~> 1.0)

PLATFORMS
  ruby

DEPENDENCIES
  activerecord
  database_cleaner
  faker
  pry
  rack-contrib
  rack-cors
  rack-test
  rake
  require_all
  rspec
  rspec-json_expectations
  sinatra (~> 2.1)
  sinatra-activerecord
  sqlite3

BUNDLED WITH
   2.1.4
